GEM
  remote: https://rubygems.org/
  specs:
    RedCloth (4.3.2)
    activesupport (5.1.4)
      concurrent-ruby (~> 1.0, >= 1.0.2)
      i18n (~> 0.7)
      minitest (~> 5.1)
      tzinfo (~> 1.1)
    builder (3.2.3)
    coderay (1.0.8)
    concurrent-ruby (1.0.5)
    doc_raptor (0.3.2)
      httparty (>= 0.7.0)
    eeepub-with-cover-support (0.8.8)
      builder
      rubyzip
    ffi (1.1.5)
    guard (1.5.2)
      listen (>= 0.4.2)
      lumberjack (>= 1.0.2)
      pry (>= 0.9.10)
      thor (>= 0.14.6)
    guard-shell (0.5.1)
      guard (>= 1.1.0)
    httparty (0.9.0)
      multi_json (~> 1.0)
      multi_xml
    i18n (0.9.1)
      concurrent-ruby (~> 1.0)
    kitabu (1.0.5)
      RedCloth
      activesupport
      coderay
      eeepub-with-cover-support
      i18n
      nokogiri
      notifier
      rdiscount
      rubyzip (< 1.0.0)
      thor
    listen (0.5.3)
    lumberjack (1.0.2)
    method_source (0.8.1)
    mini_portile2 (2.3.0)
    minitest (5.10.3)
    multi_json (1.3.7)
    multi_xml (0.5.1)
    nokogiri (1.8.1)
      mini_portile2 (~> 2.3.0)
    notifier (0.5.2)
    pry (0.9.10)
      coderay (~> 1.0.5)
      method_source (~> 0.8)
      slop (~> 3.3.1)
    pygments.rb (1.2.1)
      multi_json (>= 1.0.0)
    rb-fsevent (0.9.2)
    rb-inotify (0.8.8)
      ffi (>= 0.5.0)
    rdiscount (2.2.0.1)
    redcarpet (2.1.1)
    rubyzip (0.9.9)
    slop (3.3.3)
    thor (0.16.0)
    thread_safe (0.3.6)
    tzinfo (1.2.4)
      thread_safe (~> 0.1)
    yajl-ruby (1.3.1)

PLATFORMS
  ruby

DEPENDENCIES
  doc_raptor
  guard
  guard-shell
  kitabu
  pygments.rb
  rb-fsevent
  rb-inotify
  redcarpet
  rubyzip (~> 0.9.9)
  yajl-ruby (>= 1.3.0)

BUNDLED WITH
   1.14.6
